GIT
  remote: https://github.com/hgmnz/truncate_html.git
  revision: a09ddcdd5adaa518a677f2602439c51b63873da6
  specs:
    truncate_html (0.9.3)

GIT
  remote: https://github.com/joelmoss/bitmask_attributes.git
  revision: 7777077156d814f772494d1c0a832418077677da
  specs:
    bitmask_attributes (1.0.0)
      activerecord (>= 3.2)

GIT
  remote: https://github.com/kvokka/will_paginate.git
  revision: a5988b7b412a2248b3d951006ecf2b728d1ab93c
  branch: fix-page_entries_info
  specs:
    will_paginate (3.3.0)

GIT
  remote: https://github.com/madmax/streamio-ffmpeg.git
  revision: b9e8a29bb2f621693529b35c0ca57c36ce286e0e
  specs:
    streamio-ffmpeg (0.8.5)

GIT
  remote: https://github.com/madmax/xan_markup.git
  revision: 6a52135d84c5b230feef133592a55548563df7a9
  specs:
    xan_markup (0.4.1)

GIT
  remote: https://github.com/perfectline/validates_url.git
  revision: aae8b65e047c89afdaa2617b595eb181dccff6b0
  specs:
    validate_url (1.0.8)
      activemodel (>= 3.0.0)
      public_suffix

GIT
  remote: https://github.com/rails/rails-observers.git
  revision: c569dc1525259f5ab82cddf90958777473499997
  specs:
    rails-observers (0.2.0)
      activemodel (>= 4.2)

GIT
  remote: https://github.com/rails/rails.git
  revision: 4fd35ed16af2513ee741c88f585ab6db7638117f
  branch: 6-1-stable
  specs:
    actioncable (6.1.3.1)
      actionpack (= 6.1.3.1)
      activesupport (= 6.1.3.1)
      nio4r (~> 2.0)
      websocket-driver (>= 0.6.1)
    actionmailbox (6.1.3.1)
      actionpack (= 6.1.3.1)
      activejob (= 6.1.3.1)
      activerecord (= 6.1.3.1)
      activestorage (= 6.1.3.1)
      activesupport (= 6.1.3.1)
      mail (>= 2.7.1)
    actionmailer (6.1.3.1)
      actionpack (= 6.1.3.1)
      actionview (= 6.1.3.1)
      activejob (= 6.1.3.1)
      activesupport (= 6.1.3.1)
      mail (~> 2.5, >= 2.5.4)
      rails-dom-testing (~> 2.0)
    actionpack (6.1.3.1)
      actionview (= 6.1.3.1)
      activesupport (= 6.1.3.1)
      rack (~> 2.0, >= 2.0.9)
      rack-test (>= 0.6.3)
      rails-dom-testing (~> 2.0)
      rails-html-sanitizer (~> 1.0, >= 1.2.0)
    actiontext (6.1.3.1)
      actionpack (= 6.1.3.1)
      activerecord (= 6.1.3.1)
      activestorage (= 6.1.3.1)
      activesupport (= 6.1.3.1)
      nokogiri (>= 1.8.5)
    actionview (6.1.3.1)
      activesupport (= 6.1.3.1)
      builder (~> 3.1)
      erubi (~> 1.4)
      rails-dom-testing (~> 2.0)
      rails-html-sanitizer (~> 1.1, >= 1.2.0)
    activejob (6.1.3.1)
      activesupport (= 6.1.3.1)
      globalid (>= 0.3.6)
    activemodel (6.1.3.1)
      activesupport (= 6.1.3.1)
    activerecord (6.1.3.1)
      activemodel (= 6.1.3.1)
      activesupport (= 6.1.3.1)
    activestorage (6.1.3.1)
      actionpack (= 6.1.3.1)
      activejob (= 6.1.3.1)
      activerecord (= 6.1.3.1)
      activesupport (= 6.1.3.1)
      marcel (~> 1.0.0)
      mini_mime (>= 1.1.0)
    activesupport (6.1.3.1)
      concurrent-ruby (~> 1.0, >= 1.0.2)
      i18n (>= 1.6, < 2)
      minitest (>= 5.1)
      tzinfo (~> 2.0)
      zeitwerk (~> 2.3)
    rails (6.1.3.1)
      actioncable (= 6.1.3.1)
      actionmailbox (= 6.1.3.1)
      actionmailer (= 6.1.3.1)
      actionpack (= 6.1.3.1)
      actiontext (= 6.1.3.1)
      actionview (= 6.1.3.1)
      activejob (= 6.1.3.1)
      activemodel (= 6.1.3.1)
      activerecord (= 6.1.3.1)
      activestorage (= 6.1.3.1)
      activesupport (= 6.1.3.1)
      bundler (>= 1.15.0)
      railties (= 6.1.3.1)
      sprockets-rails (>= 2.0.0)
    railties (6.1.3.1)
      actionpack (= 6.1.3.1)
      activesupport (= 6.1.3.1)
      method_source
      rake (>= 0.13)
      thor (~> 1.0)

GIT
  remote: https://github.com/tricknotes/net-http-persistent.git
  revision: d457a884b0dd430bd19a943a1c68b15ff2616fa8
  branch: gemspec
  specs:
    net-http-persistent (4.0.0)
      connection_pool (~> 2.2)

GEM
  remote: https://rubygems.org/
  specs:
    RedCloth (4.2.9)
    addressable (2.8.0)
      public_suffix (>= 2.0.2, < 5.0)
    after_commit_action (1.1.0)
      activerecord (>= 3.0.0)
      activesupport (>= 3.0.0)
    autoprefixer-rails (6.7.3)
      execjs
    bindex (0.8.1)
    bootsnap (1.5.1)
      msgpack (~> 1.0)
    bootstrap-datepicker-rails (1.6.4.1)
      railties (>= 3.0)
    buftok (0.2.0)
    builder (3.2.4)
    byebug (11.1.2)
    cancancan (3.2.1)
    capybara (3.35.3)
      addressable
      mini_mime (>= 0.1.3)
      nokogiri (~> 1.8)
      rack (>= 1.6.0)
      rack-test (>= 0.6.3)
      regexp_parser (>= 1.5, < 3.0)
      xpath (~> 3.2)
    chartkick (2.2.3)
    chronic (0.10.2)
    cliver (0.3.2)
    cocaine (0.2.1)
    coderay (1.1.2)
    coffee-rails (5.0.0)
      coffee-script (>= 2.2.0)
      railties (>= 5.2.0)
    coffee-script (2.4.1)
      coffee-script-source
      execjs
    coffee-script-source (1.12.2)
    concurrent-ruby (1.1.8)
    connection_pool (2.2.3)
    counter_culture (2.2.4)
      activerecord (>= 4.2)
      activesupport (>= 4.2)
      after_commit_action (~> 1.0)
    crack (0.4.5)
      rexml
    crass (1.0.6)
    css_parser (1.7.0)
      addressable
    cuprite (0.13)
      capybara (>= 2.1, < 4)
      ferrum (~> 0.11.0)
    dalli (2.7.7)
    domain_name (0.5.20190701)
      unf (>= 0.0.5, < 1.0.0)
    eco (1.0.0)
      coffee-script
      eco-source
      execjs
    eco-source (1.1.0.rc.1)
    equalizer (0.0.11)
    erubi (1.10.0)
    execjs (2.7.0)
    faraday (1.1.0)
      multipart-post (>= 1.2, < 3)
      ruby2_keywords
    feedjira (3.1.1)
      loofah (>= 2.3.1)
      sax-machine (>= 1.0)
    ferrum (0.11)
      addressable (~> 2.5)
      cliver (~> 0.3)
      concurrent-ruby (~> 1.1)
      websocket-driver (>= 0.6, < 0.8)
    ffi (1.14.2)
    ffi-compiler (1.0.1)
      ffi (>= 1.0.0)
      rake
    flamegraph (0.9.5)
    fuzzy_match (2.1.0)
    geoip (1.6.3)
    globalid (0.4.2)
      activesupport (>= 4.2.0)
    god (0.13.7)
    google-oauth2-installed (0.0.4)
      oauth2
    hamster (3.0.0)
      concurrent-ruby (~> 1.0)
    hashdiff (1.0.1)
    highline (1.7.8)
    hodel_3000_compliant_logger (0.1.1)
    htmlentities (4.3.4)
    http (4.4.1)
      addressable (~> 2.3)
      http-cookie (~> 1.0)
      http-form_data (~> 2.2)
      http-parser (~> 1.2.0)
    http-cookie (1.0.3)
      domain_name (~> 0.5)
    http-form_data (2.3.0)
    http-parser (1.2.1)
      ffi-compiler (>= 1.0, < 2.0)
    http_parser.rb (0.6.0)
    i18n (1.8.10)
      concurrent-ruby (~> 1.0)
    innertube (1.1.0)
    jbuilder (2.10.0)
      activesupport (>= 5.0.0)
    joiner (0.5.0)
      activerecord (>= 6.0.0.rc2)
    jquery-fileupload-rails (0.4.1)
      actionpack (>= 3.1)
      railties (>= 3.1)
    jquery-rails (4.1.1)
      rails-dom-testing (>= 1, < 3)
      railties (>= 4.2.0)
      thor (>= 0.14, < 2.0)
    json (2.3.0)
    json-canonicalization (0.2.1)
    json-ld (3.1.9)
      htmlentities (~> 4.3)
      json-canonicalization (~> 0.2)
      link_header (~> 0.0, >= 0.0.8)
      multi_json (~> 1.14)
      rack (~> 2.0)
      rdf (~> 3.1)
    jwt (2.2.1)
    kgio (2.11.2)
    koala (3.0.0)
      addressable
      faraday
      json (>= 1.8)
    lazy_object (0.0.2)
    link_header (0.0.8)
    listen (3.4.0)
      rb-fsevent (~> 0.10, >= 0.10.3)
      rb-inotify (~> 0.9, >= 0.9.10)
    loofah (2.9.1)
      crass (~> 1.0.2)
      nokogiri (>= 1.5.9)
    mail (2.7.1)
      mini_mime (>= 0.1.1)
    marcel (1.0.1)
    mechanize (2.7.6)
      domain_name (~> 0.5, >= 0.5.1)
      http-cookie (~> 1.0)
      mime-types (>= 1.17.2)
      net-http-digest_auth (~> 1.1, >= 1.1.1)
      net-http-persistent (>= 2.5.2)
      nokogiri (~> 1.6)
      ntlm-http (~> 0.1, >= 0.1.1)
      webrobots (>= 0.0.9, < 0.2)
    memoizable (0.4.2)
      thread_safe (~> 0.3, >= 0.3.1)
    memory_profiler (0.0.4)
    method_source (1.0.0)
    middleware (0.1.0)
    mime-types (3.3.1)
      mime-types-data (~> 3.2015)
    mime-types-data (3.2020.1104)
    mini_magick (3.8.0)
      subexec (~> 0.2.1)
    mini_mime (1.1.1)
    mini_portile2 (2.6.1)
    minitest (5.14.4)
    msgpack (1.3.3)
    multi_json (1.14.1)
    multi_xml (0.6.0)
    multipart-post (2.1.1)
    mysql2 (0.5.3)
    naught (1.1.0)
    net-http-digest_auth (1.4.1)
    net-scp (1.2.1)
      net-ssh (>= 2.6.5)
    net-ssh (5.0.2)
    newrelic_rpm (6.15.0)
    nio4r (2.5.7)
    nokogiri (1.12.4)
      mini_portile2 (~> 2.6.1)
      racc (~> 1.4)
    ntlm-http (0.1.1)
    oauth2 (1.4.4)
      faraday (>= 0.8, < 2.0)
      jwt (>= 1.0, < 3.0)
      multi_json (~> 1.3)
      multi_xml (~> 0.5)
      rack (>= 1.2, < 3)
    oink (0.10.1)
      activerecord
      hodel_3000_compliant_logger
    options (2.3.2)
    parallel (1.6.1)
    pickup (0.0.11)
    premailer (1.11.1)
      addressable
      css_parser (>= 1.6.0)
      htmlentities (>= 4.0.0)
    premailer-rails (1.10.3)
      actionmailer (>= 3)
      premailer (~> 1.7, >= 1.7.9)
    progress_bar (1.0.5)
      highline (~> 1.6)
      options (~> 2.3.0)
    pry (0.13.1)
      coderay (~> 1.1)
      method_source (~> 1.0)
    pry-byebug (3.9.0)
      byebug (~> 11.0)
      pry (~> 0.13.0)
    pry-doc (1.1.0)
      pry (~> 0.11)
      yard (~> 0.9.11)
    pry-rails (0.3.9)
      pry (>= 0.10.4)
    public_suffix (4.0.6)
    puma (4.3.1)
      nio4r (~> 2.0)
    racc (1.5.2)
    rack (2.2.3)
    rack-contrib (2.2.0)
      rack (~> 2.0)
    rack-cors (0.3.1)
    rack-mini-profiler (2.3.0)
      rack (>= 1.2.0)
    rack-protection (2.0.8.1)
      rack
    rack-proxy (0.6.5)
      rack
    rack-test (1.1.0)
      rack (>= 1.0, < 3)
    rack-utf8_sanitizer (1.7.0)
      rack (>= 1.0, < 3.0)
    rails-dom-testing (2.0.3)
      activesupport (>= 4.2.0)
      nokogiri (>= 1.6)
    rails-html-sanitizer (1.3.0)
      loofah (~> 2.3)
    rails_autolink (1.1.6)
      rails (> 3.1)
    raindrops (0.13.0)
    rake (13.0.3)
    rb-fsevent (0.10.4)
    rb-inotify (0.10.1)
      ffi (~> 1.0)
    rdf (3.1.13)
      hamster (~> 3.0)
      link_header (~> 0.0, >= 0.0.8)
    redis (4.1.3)
    regexp_parser (2.1.1)
    responders (3.0.0)
      actionpack (>= 5.0)
      railties (>= 5.0)
    rexml (3.2.4)
    riddle (2.4.0)
    roman-numerals (0.3.0)
    ruby-prof (0.16.2)
    ruby2_keywords (0.0.4)
    sassc (2.3.0)
      ffi (~> 1.9)
    sassc-rails (2.1.2)
      railties (>= 4.0.0)
      sassc (>= 2.0)
      sprockets (> 3.0)
      sprockets-rails
      tilt
    sax-machine (1.3.2)
    select2-rails (4.0.13)
    semantic_range (2.3.0)
    sentry-rails (4.2.0)
      rails (>= 5.0)
      sentry-ruby-core (~> 4.2.0)
    sentry-ruby (4.2.0)
      concurrent-ruby (~> 1.0, >= 1.0.2)
      faraday (>= 1.0)
      sentry-ruby-core (= 4.2.0)
    sentry-ruby-core (4.2.0)
      concurrent-ruby
      faraday
    sentry-sidekiq (4.2.0)
      sentry-ruby-core (~> 4.2.0)
    sidekiq (6.0.7)
      connection_pool (>= 2.2.2)
      rack (~> 2.0)
      rack-protection (>= 2.0.0)
      redis (>= 4.1.0)
    simple_memoize (1.1.2)
    simple_oauth (0.3.1)
    sitemap_generator (6.1.2)
      builder (~> 3.0)
    slack-notifier (2.3.2)
    sprockets (4.0.2)
      concurrent-ruby (~> 1.0)
      rack (> 1, < 3)
    sprockets-rails (3.2.2)
      actionpack (>= 4.0)
      activesupport (>= 4.0)
      sprockets (>= 3.0.0)
    stackprof (0.2.12)
    subexec (0.2.3)
    thinking-sphinx (4.4.1)
      activerecord (>= 3.1.0)
      builder (>= 2.1.2)
      innertube (>= 1.0.2)
      joiner (>= 0.2.0)
      middleware (>= 0.1.0)
      riddle (~> 2.3)
    thor (1.1.0)
    thread_safe (0.3.6)
    tilt (2.0.10)
    truemail (1.2.1)
    twitter (7.0.0)
      addressable (~> 2.3)
      buftok (~> 0.2.0)
      equalizer (~> 0.0.11)
      http (~> 4.0)
      http-form_data (~> 2.0)
      http_parser.rb (~> 0.6.0)
      memoizable (~> 0.4.0)
      multipart-post (~> 2.0)
      naught (~> 1.0)
      simple_oauth (~> 0.3.0)
    tzinfo (2.0.4)
      concurrent-ruby (~> 1.0)
    uglifier (4.1.19)
      execjs (>= 0.3.0, < 3)
    unf (0.1.4)
      unf_ext
    unf_ext (0.0.7.7)
    unicode (0.4.0)
    unicorn (4.8.3)
      kgio (~> 2.6)
      rack
      raindrops (~> 0.7)
    uri-js-rails (1.14.2.1)
    vcr (6.0.0)
    voight_kampff (1.1.1)
      rack (>= 1.4, < 3.0)
    warning (1.0.0)
    web-console (4.1.0)
      actionview (>= 6.0.0)
      activemodel (>= 6.0.0)
      bindex (>= 0.4.0)
      railties (>= 6.0.0)
    webmock (3.11.0)
      addressable (>= 2.3.6)
      crack (>= 0.3.2)
      hashdiff (>= 0.4.0, < 2.0.0)
    webpacker (5.0.1)
      activesupport (>= 5.2)
      rack-proxy (>= 0.6.1)
      railties (>= 5.2)
      semantic_range (>= 2.3.0)
    webrobots (0.1.2)
    websocket-driver (0.7.3)
      websocket-extensions (>= 0.1.0)
    websocket-extensions (0.1.5)
    whenever (0.9.2)
      activesupport (>= 2.3.4)
      chronic (>= 0.6.3)
    xpath (3.2.0)
      nokogiri (~> 1.8)
    yard (0.9.24)
    yt (0.28.1)
      activesupport
    zeitwerk (2.4.2)

PLATFORMS
  ruby

DEPENDENCIES
  RedCloth
  addressable
  autoprefixer-rails
  bitmask_attributes!
  bootsnap
  bootstrap-datepicker-rails
  byebug
  cancancan
  capybara
  chartkick
  cocaine
  coffee-rails
  counter_culture
  cuprite
  dalli
  eco
  faraday
  feedjira
  flamegraph
  fuzzy_match
  geoip
  god
  google-oauth2-installed
  htmlentities
  jbuilder
  jquery-fileupload-rails
  jquery-rails
  json-ld
  kgio
  koala (~> 3.0)
  lazy_object
  listen
  mechanize
  memory_profiler
  mini_magick
  mysql2
  net-http-persistent!
  net-scp
  net-ssh
  newrelic_rpm
  nokogiri
  oink
  parallel
  pickup
  premailer-rails
  progress_bar
  pry-byebug
  pry-doc
  pry-rails
  puma
  rack-contrib
  rack-cors
  rack-mini-profiler
  rack-utf8_sanitizer
  rails!
  rails-observers!
  rails_autolink
  responders
  roman-numerals
  ruby-prof
  sassc
  sassc-rails
  select2-rails
  sentry-rails
  sentry-ruby
  sentry-sidekiq
  sidekiq
  simple_memoize
  sitemap_generator
  slack-notifier
  sprockets
  sprockets-rails
  stackprof
  streamio-ffmpeg!
  thinking-sphinx
  truemail
  truncate_html!
  twitter
  uglifier
  unicode
  unicorn
  uri-js-rails
  validate_url!
  vcr
  voight_kampff
  warning
  web-console
  webmock
  webpacker
  whenever
  will_paginate!
  xan_markup!
  yt

BUNDLED WITH
   2.1.4
